GEM
  remote: http://rubygems.org/
  specs:
    addressable (2.8.0)
      public_suffix (>= 2.0.2, < 5.0)
    launchy (2.1.1)
      addressable (~> 2.3)
    logeasy (0.0.8)
    properties-ruby (0.0.4)
      logeasy (>= 0.0.4)
    public_suffix (4.0.6)
    rubystats (0.2.3)

PLATFORMS
  ruby

DEPENDENCIES
  launchy
  properties-ruby
  rubystats
